GEM
  specs:
    coffee-script (2.4.1)
      coffee-script-source
      execjs
    coffee-script-source (1.10.0)
    daemons (1.2.4)
    eventmachine (1.2.0.1)
    execjs (2.7.0)
    liquid (3.0.6)
    rack (1.6.4)
    rack-protection (1.5.3)
      rack
    rake (11.2.2)
    sass (3.4.22)
    sinatra (1.4.7)
      rack (~> 1.5)
      rack-protection (~> 1.4)
      tilt (>= 1.3, < 3)
    thin (1.7.0)
      daemons (~> 1.0, >= 1.0.9)
      eventmachine (~> 1.0, >= 1.0.4)
      rack (>= 1, < 3)
    tilt (2.0.5)

PLATFORMS
  ruby

DEPENDENCIES
  coffee-script
  liquid
  rake
  sass
  sinatra
  thin
  tilt

BUNDLED WITH
   1.13.1
